PATH
  remote: .
  specs:
    irix (3.1.1)
      em-synchrony (~> 1.0)
      em-websocket
      eventmachine
      faraday (~> 1.10)
      faye (~> 1.2)
      peatio (>= 2.4.2)

GEM
  remote: https://rubygems.org/
  specs:
    activemodel (6.1.7.1)
      activesupport (= 6.1.7.1)
    activesupport (6.1.7.1)
      concurrent-ruby (~> 1.0, >= 1.0.2)
      i18n (>= 1.6, < 2)
      minitest (>= 5.1)
      tzinfo (~> 2.0)
      zeitwerk (~> 2.3)
    addressable (2.8.1)
      public_suffix (>= 2.0.2, < 6.0)
    amq-protocol (2.3.2)
    amqp (1.8.0)
      amq-protocol (>= 2.2.0)
      eventmachine
    ast (2.4.2)
    bunny (2.20.3)
      amq-protocol (~> 2.3, >= 2.3.1)
    byebug (11.1.3)
    clamp (1.3.2)
    coderay (1.1.3)
    concurrent-ruby (1.2.0)
    cookiejar (0.3.3)
    daemons (1.4.1)
    diff-lcs (1.5.0)
    docile (1.4.0)
    em-http-request (1.1.7)
      addressable (>= 2.3.4)
      cookiejar (!= 0.3.1)
      em-socksify (>= 0.3)
      eventmachine (>= 1.0.3)
      http_parser.rb (>= 0.6.0)
    em-socksify (0.3.2)
      eventmachine (>= 1.0.0.beta.4)
    em-spec (0.2.7)
      eventmachine
    em-synchrony (1.0.6)
      eventmachine (>= 1.0.0.beta.1)
    em-websocket (0.5.3)
      eventmachine (>= 0.12.9)
      http_parser.rb (~> 0)
    em-websocket-client (0.1.2)
      eventmachine
      websocket
    eventmachine (1.2.7)
    faraday (1.10.3)
      multipart-post (>= 1.2, < 3)
    faye (1.4.0)
      cookiejar (>= 0.3.0)
      em-http-request (>= 1.1.6)
      eventmachine (>= 0.12.0)
      faye-websocket (>= 0.11.0)
      multi_json (>= 1.0.0)
      rack (>= 1.0.0)
      websocket-driver (>= 0.5.1)
    faye-websocket (0.11.1)
      eventmachine (>= 0.12.0)
      websocket-driver (>= 0.5.1)
    http_parser.rb (0.8.0)
    i18n (1.12.0)
      concurrent-ruby (~> 1.0)
    jaro_winkler (1.5.4)
    json (2.6.3)
    jwt (2.7.0)
    method_source (1.0.0)
    minitest (5.17.0)
    multi_json (1.15.0)
    multipart-post (2.3.0)
    mysql2 (0.5.5)
    parallel (1.22.1)
    parser (3.2.1.0)
      ast (~> 2.4.1)
    peatio (3.1.1)
      activemodel (> 5.2, <= 6.0.0)
      amqp
      bunny
      clamp
      em-synchrony (~> 1.0)
      em-websocket
      eventmachine
      faraday_middleware (~> 0.13.1)
      faye (~> 1.2)
      jwt
      mysql2
      prometheus-client
      thin
    prometheus-client (4.0.0)
    pry (0.14.2)
      coderay (~> 1.1)
      method_source (~> 1.0)
    pry-byebug (3.8.0)
      byebug (~> 11.0)
      pry (~> 0.10)
    public_suffix (5.0.1)
    rack (2.2.6.2)
    rainbow (3.1.1)
    rake (13.0.6)
    rspec (3.12.0)
      rspec-core (~> 3.12.0)
      rspec-expectations (~> 3.12.0)
      rspec-mocks (~> 3.12.0)
    rspec-core (3.12.1)
      rspec-support (~> 3.12.0)
    rspec-expectations (3.12.2)
      diff-lcs (>= 1.2.0, < 2.0)
      rspec-support (~> 3.12.0)
    rspec-mocks (3.12.3)
      diff-lcs (>= 1.2.0, < 2.0)
      rspec-support (~> 3.12.0)
    rspec-support (3.12.0)
    rspec_junit_formatter (0.6.0)
      rspec-core (>= 2, < 4, != 2.12.0)
    rubocop (1.45.1)
      json (~> 2.3)
      parallel (~> 1.10)
      parser (>= 3.2.0.0)
      rainbow (>= 2.2.2, < 4.0)
      ruby-progressbar (~> 1.7)
      unicode-display_width (>= 2.4.0, < 3.0)
    rubocop-github (0.20.0)
      rubocop (>= 1.37)
      rubocop-performance (>= 1.15)
    rubocop-performance (1.16.0)
      rubocop (>= 1.7.0, < 2.0)
    ruby-progressbar (1.11.0)
    simplecov (0.22.0)
      docile (~> 1.1)
      json (>= 1.8, < 3)
      simplecov-html (~> 0.11)
    simplecov-html (0.12.3)
    simplecov-json (0.2.3)
      json
      simplecov
    thin (1.8.1)
      daemons (~> 1.0, >= 1.0.9)
      eventmachine (~> 1.0, >= 1.0.4)
      rack (>= 1, < 3)
    thread_safe (0.3.6)
    tzinfo (2.0.6)
      concurrent-ruby (~> 1.0)
    unicode-display_width (2.4.2)
    websocket (1.2.9)
    websocket-driver (0.7.5)
      websocket-extensions (>= 0.1.0)
    websocket-extensions (0.1.5)
    zeitwerk (2.6.7)

PLATFORMS
  x86_64-linux

DEPENDENCIES
  bundler (~> 2.4.7)
  em-spec
  em-websocket-client
  irix!
  pry-byebug
  rake (~> 13.0)
  rspec (~> 3.0)
  rspec_junit_formatter
  rubocop-github
  simplecov
  simplecov-json

BUNDLED WITH
   2.4.7
